GEM
  remote: http://rubygems.org/
  specs:
    RedCloth (4.2.9)
    rack (1.1.3)
    radiant (0.9.1)
      RedCloth (>= 4.0.0)
      rack (~> 1.1.0)
      rake (>= 0.8.3)
      will_paginate (~> 2.3.11)
    rake (0.9.2.2)
    will_paginate (2.3.16)

PLATFORMS
  ruby

DEPENDENCIES
  radiant (= 0.9.1)
